PATH
  remote: .
  specs:
    cog (0.3.3)
      active_support
      gli
      i18n
      rainbow

GEM
  remote: https://rubygems.org/
  specs:
    active_support (3.0.0)
      activesupport (= 3.0.0)
    activesupport (3.0.0)
    diff-lcs (1.2.3)
    gli (2.5.6)
    i18n (0.6.4)
    rainbow (1.1.4)
    rake (10.0.4)
    redcarpet (2.2.2)
    rspec (2.13.0)
      rspec-core (~> 2.13.0)
      rspec-expectations (~> 2.13.0)
      rspec-mocks (~> 2.13.0)
    rspec-core (2.13.1)
    rspec-expectations (2.13.0)
      diff-lcs (>= 1.1.3, < 2.0)
    rspec-mocks (2.13.1)
    yard (0.8.6.1)

PLATFORMS
  ruby

DEPENDENCIES
  cog!
  rake
  redcarpet
  rspec
  yard
