PATH
  remote: .
  specs:
    cog (0.0.20)
      gli
      rainbow

GEM
  remote: http://rubygems.org/
  specs:
    active_support (3.0.0)
      activesupport (= 3.0.0)
    activesupport (3.0.0)
    diff-lcs (1.1.3)
    gli (2.4.1)
    i18n (0.6.1)
    rainbow (1.1.4)
    rake (0.9.2.2)
    redcarpet (2.2.2)
    rspec (2.11.0)
      rspec-core (~> 2.11.0)
      rspec-expectations (~> 2.11.0)
      rspec-mocks (~> 2.11.0)
    rspec-core (2.11.1)
    rspec-expectations (2.11.3)
      diff-lcs (~> 1.1.3)
    rspec-mocks (2.11.3)
    yard (0.8.3)

PLATFORMS
  ruby

DEPENDENCIES
  active_support
  cog!
  gli
  i18n
  rainbow
  rake
  redcarpet
  rspec
  yard
