PATH
  remote: .
  specs:
    cog (0.2.2)
      active_support
      gli
      i18n
      rainbow

GEM
  remote: http://rubygems.org/
  specs:
    active_support (3.0.0)
      activesupport (= 3.0.0)
    activesupport (3.0.0)
    diff-lcs (1.1.3)
    gli (2.5.2)
    i18n (0.6.1)
    rainbow (1.1.4)
    rake (10.0.3)
    redcarpet (2.2.2)
    rspec (2.12.0)
      rspec-core (~> 2.12.0)
      rspec-expectations (~> 2.12.0)
      rspec-mocks (~> 2.12.0)
    rspec-core (2.12.2)
    rspec-expectations (2.12.1)
      diff-lcs (~> 1.1.3)
    rspec-mocks (2.12.0)
    yard (0.8.3)

PLATFORMS
  ruby

DEPENDENCIES
  active_support
  cog!
  gli
  i18n
  rainbow
  rake
  redcarpet
  rspec
  yard
